GEM
  remote: https://rubygems.org/
  specs:
    mustermann (2.0.2)
      ruby2_keywords (~> 0.0.1)
    nio4r (2.7.3)
    puma (5.6.8)
      nio4r (~> 2.0)
    rack (2.2.9)
    rack-protection (2.2.4)
      rack
    ruby2_keywords (0.0.5)
    ruby_http_client (3.5.5)
    sendgrid-ruby (6.7.0)
      ruby_http_client (~> 3.4)
    sinatra (2.2.4)
      mustermann (~> 2.0)
      rack (~> 2.2)
      rack-protection (= 2.2.4)
      tilt (~> 2.0)
    tilt (2.3.0)

PLATFORMS
  arm64-darwin-21
  x86_64-darwin-23

DEPENDENCIES
  puma (~> 5.6.4)
  sendgrid-ruby
  sinatra (~> 2.2.0)

RUBY VERSION
   ruby 3.1.2p20

BUNDLED WITH
   2.3.7
